GEM
  remote: https://rubygems.org/
  specs:
    ansi (1.5.0)
    builder (3.2.3)
    differ (0.1.2)
    ffi (1.10.0)
    listen (3.1.5)
      rb-fsevent (~> 0.9, >= 0.9.4)
      rb-inotify (~> 0.9, >= 0.9.7)
      ruby_dep (~> 1.2)
    minitest (5.11.3)
    minitest-reporters (1.3.6)
      ansi
      builder
      minitest (>= 5.0)
      ruby-progressbar
    minitest-reporters-json_reporter (1.0.0)
      minitest-reporters (~> 1.1, >= 1.1.8)
    rb-fsevent (0.10.3)
    rb-inotify (0.10.0)
      ffi (~> 1.0)
    rerun (0.13.0)
      listen (~> 3.0)
    ruby-progressbar (1.10.0)
    ruby_dep (1.5.0)

PLATFORMS
  ruby

DEPENDENCIES
  differ
  minitest (~> 5.4)
  minitest-reporters
  minitest-reporters-json_reporter
  rerun

BUNDLED WITH
   2.0.1
